PATH
  remote: .
  specs:
    polyanalyst6api (0.1.0)
      addressable
      clientus
      json (>= 2.3.0)
      rest-client (~> 2.0, >= 2.0.2)

GEM
  remote: https://rubygems.org/
  specs:
    addressable (2.7.0)
      public_suffix (>= 2.0.2, < 5.0)
    ast (2.4.0)
    clientus (0.0.0.dev)
    diff-lcs (1.3)
    domain_name (0.5.20190701)
      unf (>= 0.0.5, < 1.0.0)
    ffi (1.13.1-x64-mingw32)
    ffi (1.13.1-x86-mingw32)
    http-accept (1.7.0)
    http-cookie (1.0.3)
      domain_name (~> 0.5)
    jaro_winkler (1.5.2)
    json (2.3.1)
    mime-types (3.3.1)
      mime-types-data (~> 3.2015)
    mime-types-data (3.2020.0512)
    netrc (0.11.0)
    parallel (1.13.0)
    parser (2.6.0.0)
      ast (~> 2.4.0)
    powerpack (0.1.2)
    public_suffix (4.0.6)
    rainbow (3.0.0)
    rake (12.3.3)
    rest-client (2.1.0-x64-mingw32)
      ffi (~> 1.9)
      http-accept (>= 1.7.0, < 2.0)
      http-cookie (>= 1.0.2, < 2.0)
      mime-types (>= 1.16, < 4.0)
      netrc (~> 0.8)
    rest-client (2.1.0-x86-mingw32)
      ffi (~> 1.9)
      http-accept (>= 1.7.0, < 2.0)
      http-cookie (>= 1.0.2, < 2.0)
      mime-types (>= 1.16, < 4.0)
      netrc (~> 0.8)
    rspec (3.7.0)
      rspec-core (~> 3.7.0)
      rspec-expectations (~> 3.7.0)
      rspec-mocks (~> 3.7.0)
    rspec-core (3.7.1)
      rspec-support (~> 3.7.0)
    rspec-expectations (3.7.0)
      diff-lcs (>= 1.2.0, < 2.0)
      rspec-support (~> 3.7.0)
    rspec-mocks (3.7.0)
      diff-lcs (>= 1.2.0, < 2.0)
      rspec-support (~> 3.7.0)
    rspec-support (3.7.1)
    rubocop (0.63.1)
      jaro_winkler (~> 1.5.1)
      parallel (~> 1.10)
      parser (>= 2.5, != 2.5.1.1)
      powerpack (~> 0.1)
      rainbow (>= 2.2.2, < 4.0)
      ruby-progressbar (~> 1.7)
      unicode-display_width (~> 1.4.0)
    ruby-progressbar (1.10.0)
    unf (0.1.4)
      unf_ext
    unf_ext (0.0.7.7-x64-mingw32)
    unf_ext (0.0.7.7-x86-mingw32)
    unicode-display_width (1.4.1)
    yard (0.9.20)

PLATFORMS
  x64-mingw32
  x86-mingw32

DEPENDENCIES
  bundler (~> 2.0, >= 2.0.1)
  polyanalyst6api!
  rake (>= 12.3.3)
  rspec (~> 3.0)
  rubocop (~> 0.63.1)
  yard (~> 0.9.20)

BUNDLED WITH
   2.1.4
